PATH
  remote: .
  specs:
    fech (1.8)
      ensure-encoding
      fastercsv
      people

GEM
  remote: http://rubygems.org/
  specs:
    byebug (9.0.6)
    diff-lcs (1.3)
    ensure-encoding (0.1)
    fastercsv (1.5.5)
    metaclass (0.0.4)
    mocha (1.2.1)
      metaclass (~> 0.0.1)
    people (0.2.1)
    rake (12.0.0)
    rdoc (5.1.0)
    rspec (3.6.0)
      rspec-core (~> 3.6.0)
      rspec-expectations (~> 3.6.0)
      rspec-mocks (~> 3.6.0)
    rspec-core (3.6.0)
      rspec-support (~> 3.6.0)
    rspec-expectations (3.6.0)
      diff-lcs (>= 1.2.0, < 2.0)
      rspec-support (~> 3.6.0)
    rspec-mocks (3.6.0)
      diff-lcs (>= 1.2.0, < 2.0)
      rspec-support (~> 3.6.0)
    rspec-support (3.6.0)
    yard (0.9.9)

PLATFORMS
  ruby

DEPENDENCIES
  bundler
  byebug
  fech!
  mocha
  rake
  rdoc
  rspec
  yard

BUNDLED WITH
   1.12.5
