PATH
  remote: .
  specs:
    fech (0.1.5)
      fastercsv
      people

GEM
  remote: http://rubygems.org/
  specs:
    ZenTest (4.5.0)
    autotest (4.4.6)
      ZenTest (>= 4.4.1)
    columnize (0.3.2)
    diff-lcs (1.1.2)
    fastercsv (1.5.4)
    linecache (0.43)
    mocha (0.9.12)
    people (0.2.1)
    rcov (0.9.9)
    rdoc (3.9.2)
    rspec (2.6.0)
      rspec-core (~> 2.6.0)
      rspec-expectations (~> 2.6.0)
      rspec-mocks (~> 2.6.0)
    rspec-core (2.6.4)
    rspec-expectations (2.6.0)
      diff-lcs (~> 1.1.2)
    rspec-mocks (2.6.0)
    ruby-debug (0.10.4)
      columnize (>= 0.1)
      ruby-debug-base (~> 0.10.4.0)
    ruby-debug-base (0.10.4)
      linecache (>= 0.3)
    yard (0.7.2)

PLATFORMS
  ruby

DEPENDENCIES
  autotest
  bundler
  fech!
  mocha
  rcov
  rdoc
  rspec (~> 2.6)
  ruby-debug
  yard
